GEM
  remote: https://rubygems.org/
  specs:
    addressable (2.8.5)
      public_suffix (>= 2.0.2, < 6.0)
    base64 (0.2.0)
    colored (1.2)
    concurrent-ruby (1.2.2)
    cri (2.15.11)
    ddmetrics (1.1.0)
    ddplugin (1.0.3)
    diff-lcs (1.5.0)
    immutable-ruby (0.1.0)
      concurrent-ruby (~> 1.1)
      sorted_set (~> 1.0)
    json_schema (0.21.0)
    memo_wise (1.8.0)
    nanoc (4.12.18)
      addressable (~> 2.5)
      colored (~> 1.2)
      nanoc-checking (~> 1.0, >= 1.0.2)
      nanoc-cli (= 4.12.18)
      nanoc-core (= 4.12.18)
      nanoc-deploying (~> 1.0)
      parallel (~> 1.12)
      tty-command (~> 0.8)
      tty-which (~> 0.4)
    nanoc-checking (1.0.2)
      nanoc-cli (~> 4.12, >= 4.12.4)
      nanoc-core (~> 4.12, >= 4.12.4)
    nanoc-cli (4.12.18)
      cri (~> 2.15)
      diff-lcs (~> 1.3)
      nanoc-core (= 4.12.18)
      zeitwerk (~> 2.1)
    nanoc-core (4.12.18)
      concurrent-ruby (~> 1.1)
      ddmetrics (~> 1.0)
      ddplugin (~> 1.0)
      immutable-ruby (~> 0.1)
      json_schema (~> 0.19)
      memo_wise (~> 1.5)
      psych (~> 4.0)
      slow_enumerator_tools (~> 1.0)
      tty-platform (~> 0.2)
      zeitwerk (~> 2.1)
    nanoc-deploying (1.0.2)
      nanoc-checking (~> 1.0)
      nanoc-cli (~> 4.11, >= 4.11.15)
      nanoc-core (~> 4.11, >= 4.11.15)
    parallel (1.23.0)
    pastel (0.8.0)
      tty-color (~> 0.5)
    psych (4.0.6)
      stringio
    public_suffix (5.0.4)
    rbtree (0.4.6)
    set (1.0.3)
    slow_enumerator_tools (1.1.0)
    sorted_set (1.0.3)
      rbtree
      set (~> 1.0)
    stringio (3.1.0)
    tty-color (0.6.0)
    tty-command (0.10.1)
      pastel (~> 0.8)
    tty-platform (0.3.0)
    tty-which (0.5.0)
    webrick (1.8.1)
    zeitwerk (2.6.12)

PLATFORMS
  arm64-darwin-23

DEPENDENCIES
  base64 (~> 0.2.0)
  nanoc (~> 4.12)
  webrick (~> 1.8)

CHECKSUMS
  addressable (2.8.5) sha256=63f0fbcde42edf116d6da98a9437f19dd1692152f1efa3fcc4741e443c772117
  base64 (0.2.0) sha256=0f25e9b21a02a0cc0cea8ef92b2041035d39350946e8789c562b2d1a3da01507
  colored (1.2) sha256=9d82b47ac589ce7f6cab64b1f194a2009e9fd00c326a5357321f44afab2c1d2c
  concurrent-ruby (1.2.2) sha256=3879119b8b75e3b62616acc256c64a134d0b0a7a9a3fcba5a233025bcde22c4f
  cri (2.15.11) sha256=254320ef42198cf2670b36dbdd67aa8f8c177e7f058ce176f995a4ada47d1aae
  ddmetrics (1.1.0) sha256=ec51ebc809c6c2f0e3b760c7030f2f570affa7553532d673093888107b0aed06
  ddplugin (1.0.3) sha256=5b270a7b77b49e104699886638758d283901f24c38231baf89c132894dde0b92
  diff-lcs (1.5.0) sha256=49b934001c8c6aedb37ba19daec5c634da27b318a7a3c654ae979d6ba1929b67
  immutable-ruby (0.1.0) sha256=3e176d0137ff2914df7659fe65d68e5afc8a59d80b93e86d3ca2585b90676ed5
  json_schema (0.21.0) sha256=d6e1eaf004a5185b7679eee34286a79d48e467d794ff68981d72ad23d3b2ec5b
  memo_wise (1.8.0) sha256=47fb659c68da73a4fb1de79a9ee9418404d35502d89f4926903a82978f81fbf9
  nanoc (4.12.18) sha256=59cf7e5eb279f0438b6361d99f50c6204f38d456de72b90953d825f328455b46
  nanoc-checking (1.0.2) sha256=9db11548c14bfed91dd360ca62211d98792956b6709b7fb6496ce8f1ab45d946
  nanoc-cli (4.12.18) sha256=2c5a753bcc1be409bb58a3d324e774d83ff5ce2b6642ad3c432d1bef6ff42965
  nanoc-core (4.12.18) sha256=1f537e250de961255a01049f0a47a56ed79eb8cbffcb894da6da82ee4236006b
  nanoc-deploying (1.0.2) sha256=89b3e90e33a1fe577fe543e8b2df83ce0aa6229aeae2223f3d29d2b31a564317
  parallel (1.23.0) sha256=27154713ad6ef32fa3dcb7788a721d6c07bca77e72443b4c6080a14145288c49
  pastel (0.8.0) sha256=481da9fb7d2f6e6b1a08faf11fa10363172dc40fd47848f096ae21209f805a75
  psych (4.0.6) sha256=f70425c3dca8d8fbe4c1de7270d921e35eb6eb44cf2b2e4f961dc8031330b876
  public_suffix (5.0.4) sha256=35cd648e0d21d06b8dce9331d19619538d1d898ba6d56a6f2258409d2526d1ae
  rbtree (0.4.6) sha256=14eea4469b24fd2472542e5f3eb105d6344c8ccf36f0b56d55fdcfeb4e0f10fc
  set (1.0.3) sha256=6348bad140ab74d9cd0ffe9968075b55dbd3937b75d18a97cfadcd6c4f016c1e
  slow_enumerator_tools (1.1.0) sha256=e61a598f1c8309ac731d21659a79767c20ff345458cfc70819ae57df25910e5e
  sorted_set (1.0.3) sha256=4f2b8bee6e8c59cbd296228c0f1f81679357177a8b6859dcc2a99e86cce6372f
  stringio (3.1.0) sha256=c1f6263ae03a15025e51194ab19b06b15e06adcaaedb7f5f6c06ab60f5d67718
  tty-color (0.6.0) sha256=6f9c37ca3a4e2367fb2e6d09722762647d6f455c111f05b59f35730eeb24332a
  tty-command (0.10.1) sha256=0c6c471fcb932d55518734eb4e2e07e9efdd2918713cc39bb7393ba862471192
  tty-platform (0.3.0) sha256=e23937b100e84a1bf9ce32352b4c04d526da1c2510668ce1f27f8ae79142050a
  tty-which (0.5.0) sha256=5824055f0d6744c97e7c4426544f01d519c40d1806ef2ef47d9854477993f466
  webrick (1.8.1) sha256=19411ec6912911fd3df13559110127ea2badd0c035f7762873f58afc803e158f
  zeitwerk (2.6.12) sha256=561e12975d0332fd3b62cc859aff3bab432e5f320689c8a10cd4674b5c0439be

BUNDLED WITH
   2.5.0.dev
